GEM
  remote: http://rubygems.org/
  specs:
    actionmailer (3.2.19)
      actionpack (= 3.2.19)
      mail (~> 2.5.4)
    actionpack (3.2.19)
      activemodel (= 3.2.19)
      activesupport (= 3.2.19)
      builder (~> 3.0.0)
      erubis (~> 2.7.0)
      journey (~> 1.0.4)
      rack (~> 1.4.5)
      rack-cache (~> 1.2)
      rack-test (~> 0.6.1)
      sprockets (~> 2.2.1)
    activemodel (3.2.19)
      activesupport (= 3.2.19)
      builder (~> 3.0.0)
    activerecord (3.2.19)
      activemodel (= 3.2.19)
      activesupport (= 3.2.19)
      arel (~> 3.0.2)
      tzinfo (~> 0.3.29)
    activeresource (3.2.19)
      activemodel (= 3.2.19)
      activesupport (= 3.2.19)
    activesupport (3.2.19)
      i18n (~> 0.6, >= 0.6.4)
      multi_json (~> 1.0)
    addressable (2.3.6)
    ansi (1.4.3)
    arel (3.0.3)
    authlogic (3.4.2)
      activerecord (>= 3.2)
      activesupport (>= 3.2)
      request_store (~> 1.0)
    brakeman (2.5.0)
      erubis (~> 2.6)
      fastercsv (~> 1.5)
      haml (>= 3.0, < 5.0)
      highline (~> 1.6.20)
      multi_json (~> 1.2)
      ruby2ruby (~> 2.0.5)
      ruby_parser (~> 3.4.0)
      sass (~> 3.0)
      slim (>= 1.3.6, < 3.0)
      terminal-table (~> 1.4)
    builder (3.0.4)
    commander (4.2.0)
      highline (~> 1.6.11)
    css_parser (1.3.5)
      addressable
    easy_translate (0.5.0)
      json
      thread
      thread_safe
    erubis (2.7.0)
    excon (0.34.0)
    execjs (2.0.2)
    fastercsv (1.5.5)
    ffi (1.9.3)
    ffi-compiler (0.1.3)
      ffi (>= 1.0.0)
      rake
    font-awesome-rails (4.0.3.2)
      railties (>= 3.2, < 5.0)
    gibberish (1.4.0)
    grocer (0.5.0)
    haml (4.0.5)
      tilt
    highline (1.6.21)
    hike (1.2.3)
    hpricot (0.8.6)
    htmlentities (4.3.2)
    i18n (0.6.11)
    i18n-tasks (0.2.22)
      activesupport
      easy_translate (>= 0.4.0)
      erubis
      highline
      rake
      term-ansicolor
      terminal-table
    journey (1.0.4)
    jquery-minicolors-rails (2.1.4.0)
      jquery-rails
      rails (>= 3.2.8)
    jquery-rails (3.1.0)
      railties (>= 3.0, < 5.0)
      thor (>= 0.14, < 2.0)
    json (1.8.1)
    mail (2.5.4)
      mime-types (~> 1.16)
      treetop (~> 1.4.8)
    mandrill-api (1.0.51)
      excon (>= 0.16.0, < 1.0)
      json (>= 1.7.7, < 2.0)
    mime-types (1.25.1)
    minitest (4.7.5)
    mixpanel-ruby (1.4.0)
    multi_json (1.10.1)
    passbook (0.3.1)
      commander
      grocer
      rubyzip (~> 1.0.0)
      terminal-table
    pg (0.17.1)
    polyglot (0.3.5)
    premailer (1.8.2)
      css_parser (>= 1.3.5)
      htmlentities (>= 4.0.0)
    premailer-rails (1.8.0)
      actionmailer (>= 3, < 5)
      premailer (~> 1.7, >= 1.7.9)
    rack (1.4.5)
    rack-cache (1.2)
      rack (>= 0.4)
    rack-ssl (1.3.4)
      rack
    rack-test (0.6.2)
      rack (>= 1.0)
    rails (3.2.19)
      actionmailer (= 3.2.19)
      actionpack (= 3.2.19)
      activerecord (= 3.2.19)
      activeresource (= 3.2.19)
      activesupport (= 3.2.19)
      bundler (~> 1.0)
      railties (= 3.2.19)
    rails-i18n (3.0.1)
      i18n (~> 0.5)
      rails (>= 3.0.0, < 4.0.0)
    railties (3.2.19)
      actionpack (= 3.2.19)
      activesupport (= 3.2.19)
      rack-ssl (~> 1.3.2)
      rake (>= 0.8.7)
      rdoc (~> 3.4)
      thor (>= 0.14.6, < 2.0)
    rake (10.3.2)
    rdoc (3.12.2)
      json (~> 1.4)
    redis (3.0.5)
    request_store (1.0.5)
    rest-client (1.6.7)
      mime-types (>= 1.16)
    ruby2ruby (2.0.8)
      ruby_parser (~> 3.1)
      sexp_processor (~> 4.0)
    ruby_parser (3.4.1)
      sexp_processor (~> 4.1)
    rubyzip (1.0.0)
    sass (3.3.7)
    sass-rails (3.2.6)
      railties (~> 3.2.0)
      sass (>= 3.1.10)
      tilt (~> 1.3)
    scrypt (1.2.1)
      ffi-compiler (>= 0.0.2)
      rake
    sequel (3.20.0)
    sexp_processor (4.4.3)
    sinatra (1.0)
      rack (>= 1.0)
    slim (2.0.2)
      temple (~> 0.6.6)
      tilt (>= 1.3.3, < 2.1)
    sprockets (2.2.3)
      hike (~> 1.2)
      multi_json (~> 1.0)
      rack (~> 1.0)
      tilt (~> 1.1, != 1.3.0)
    sqlite3 (1.3.9)
    sqlite3-ruby (1.3.3)
      sqlite3 (>= 1.3.3)
    taps (0.3.24)
      rack (>= 1.0.1)
      rest-client (>= 1.4.0, < 1.7.0)
      sequel (~> 3.20.0)
      sinatra (~> 1.0.0)
    temple (0.6.7)
    term-ansicolor (1.3.0)
      tins (~> 1.0)
    terminal-table (1.4.5)
    thor (0.19.1)
    thread (0.1.4)
    thread_safe (0.3.3)
    tilt (1.4.1)
    tins (1.1.0)
    treetop (1.4.15)
      polyglot
      polyglot (>= 0.3.1)
    turn (0.9.7)
      ansi
      minitest (~> 4)
    tzinfo (0.3.42)
    uglifier (2.5.0)
      execjs (>= 0.3.0)
      json (>= 1.8.0)
    will_paginate (3.0.5)

PLATFORMS
  ruby

DEPENDENCIES
  authlogic (= 3.4.2)
  brakeman
  font-awesome-rails
  gibberish (~> 1.4.0)
  hpricot
  i18n-tasks (~> 0.2.18)
  jquery-minicolors-rails
  jquery-rails (>= 3.0.4)
  mandrill-api
  mixpanel-ruby
  passbook (~> 0.3.1)
  pg
  premailer-rails
  rails (= 3.2.19)
  rails-i18n (~> 3.0.0)
  redis (= 3.0.5)
  sass-rails (~> 3.2.3)
  scrypt (= 1.2.1)
  sqlite3-ruby
  taps
  turn
  uglifier (>= 1.0.3)
  will_paginate (~> 3.0)
